RESTRICTION: == net462
NUGET
  remote: https://www.nuget.org/api/v2
    FSharp.Core (4.3.4)
GITHUB
  remote: fsprojects/FSharp.TypeProviders.SDK
    src/ProvidedTypes.fs (1d9f236c03e749712b069c4fed51aec40a3c1601)
    src/ProvidedTypes.fsi (1d9f236c03e749712b069c4fed51aec40a3c1601)
    src/ProvidedTypesTesting.fs (1d9f236c03e749712b069c4fed51aec40a3c1601)